GEM
  remote: https://rubygems.org/
  specs:
    rack (2.0.6)
    shotgun (0.9.2)
      rack (>= 1.0)

PLATFORMS
  ruby

DEPENDENCIES
  rack
  shotgun

BUNDLED WITH
   1.16.2
